PATH
  remote: .
  specs:
    heroku_addon_provider (0.0.1)
      faraday (~> 0.8.5)
      faraday_middleware (~> 0.9.0)

GEM
  remote: https://rubygems.org/
  specs:
    faraday (0.8.9)
      multipart-post (~> 1.2.0)
    faraday_middleware (0.9.0)
      faraday (>= 0.7.4, < 0.9)
    metaclass (0.0.2)
    minitest (4.7.5)
    mocha (0.13.3)
      metaclass (~> 0.0.1)
    multipart-post (1.2.0)
    rake (10.0.4)
    vcr (2.4.0)

PLATFORMS
  ruby

DEPENDENCIES
  heroku_addon_provider!
  minitest (~> 4.7.0)
  mocha (~> 0.13.3)
  rake (~> 10.0.3)
  vcr (~> 2.4.0)
